PATH
  remote: .
  specs:
    thrift (0.10.0.0)

GEM
  remote: http://rubygems.org/
  specs:
    daemons (1.2.4)
    diff-lcs (1.3)
    eventmachine (1.2.3)
    rack (1.6.8)
    rack-test (0.6.3)
      rack (>= 1.0)
    rake (12.3.3)
    rspec (2.13.0)
      rspec-core (~> 2.13.0)
      rspec-expectations (~> 2.13.0)
      rspec-mocks (~> 2.13.0)
    rspec-core (2.13.1)
    rspec-expectations (2.13.0)
      diff-lcs (>= 1.1.3, < 2.0)
    rspec-mocks (2.13.1)
    thin (1.7.1)
      daemons (~> 1.0, >= 1.0.9)
      eventmachine (~> 1.0, >= 1.0.4)
      rack (>= 1, < 3)

PLATFORMS
  ruby

DEPENDENCIES
  bundler (~> 1)
  rack (~> 1.5)
  rack-test (~> 0.6)
  rake (~> 12.3)
  rspec (>= 2.10.0, < 2.14.0)
  thin (~> 1.5)
  thrift!

BUNDLED WITH
   1.15.1
